PATH
  remote: .
  specs:
    cloudflare-ai (0.4.1)
      activemodel (~> 7.0)
      activesupport (~> 7.0)
      event_stream_parser (~> 1.0)
      faraday (~> 2.0)
      zeitwerk (~> 2.5)

GEM
  remote: https://rubygems.org/
  specs:
    activemodel (7.1.3)
      activesupport (= 7.1.3)
    activesupport (7.1.3)
      base64
      bigdecimal
      concurrent-ruby (~> 1.0, >= 1.0.2)
      connection_pool (>= 2.2.5)
      drb
      i18n (>= 1.6, < 2)
      minitest (>= 5.1)
      mutex_m
      tzinfo (~> 2.0)
    addressable (2.8.6)
      public_suffix (>= 2.0.2, < 6.0)
    ast (2.4.2)
    base64 (0.2.0)
    bigdecimal (3.1.5)
    concurrent-ruby (1.2.3)
    connection_pool (2.4.1)
    crack (0.4.5)
      rexml
    drb (2.2.0)
      ruby2_keywords
    event_stream_parser (1.0.0)
    faraday (2.9.0)
      faraday-net_http (>= 2.0, < 3.2)
    faraday-net_http (3.1.0)
      net-http
    hashdiff (1.1.0)
    i18n (1.14.1)
      concurrent-ruby (~> 1.0)
    json (2.7.1)
    language_server-protocol (3.17.0.3)
    lint_roller (1.1.0)
    minitest (5.21.1)
    minitest-stub_any_instance (1.0.3)
    mutex_m (0.2.0)
    net-http (0.4.1)
      uri
    parallel (1.24.0)
    parser (3.3.0.4)
      ast (~> 2.4.1)
      racc
    public_suffix (5.0.4)
    racc (1.7.3)
    rainbow (3.1.1)
    rake (13.1.0)
    regexp_parser (2.9.0)
    rexml (3.2.6)
    rubocop (1.59.0)
      json (~> 2.3)
      language_server-protocol (>= 3.17.0)
      parallel (~> 1.10)
      parser (>= 3.2.2.4)
      rainbow (>= 2.2.2, < 4.0)
      regexp_parser (>= 1.8, < 3.0)
      rexml (>= 3.2.5, < 4.0)
      rubocop-ast (>= 1.30.0, < 2.0)
      ruby-progressbar (~> 1.7)
      unicode-display_width (>= 2.4.0, < 3.0)
    rubocop-ast (1.30.0)
      parser (>= 3.2.1.0)
    rubocop-minitest (0.34.5)
      rubocop (>= 1.39, < 2.0)
      rubocop-ast (>= 1.30.0, < 2.0)
    rubocop-performance (1.20.2)
      rubocop (>= 1.48.1, < 2.0)
      rubocop-ast (>= 1.30.0, < 2.0)
    rubocop-rake (0.6.0)
      rubocop (~> 1.0)
    ruby-progressbar (1.13.0)
    ruby2_keywords (0.0.5)
    standard (1.33.0)
      language_server-protocol (~> 3.17.0.2)
      lint_roller (~> 1.0)
      rubocop (~> 1.59.0)
      standard-custom (~> 1.0.0)
      standard-performance (~> 1.3)
    standard-custom (1.0.2)
      lint_roller (~> 1.0)
      rubocop (~> 1.50)
    standard-performance (1.3.1)
      lint_roller (~> 1.1)
      rubocop-performance (~> 1.20.2)
    tzinfo (2.0.6)
      concurrent-ruby (~> 1.0)
    unicode-display_width (2.5.0)
    uri (0.13.0)
    webmock (3.19.1)
      addressable (>= 2.8.0)
      crack (>= 0.3.2)
      hashdiff (>= 0.4.0, < 2.0.0)
    zeitwerk (2.6.12)

PLATFORMS
  arm64-darwin-22
  ruby

DEPENDENCIES
  cloudflare-ai!
  minitest
  minitest-stub_any_instance
  rake
  rubocop
  rubocop-minitest
  rubocop-rake
  standard
  webmock

BUNDLED WITH
   2.5.5
